GEM
  remote: https://rubygems.org/
  specs:
    cairo (1.17.5)
      native-package-installer (>= 1.0.3)
      pkg-config (>= 1.2.2)
      red-colors
    cairo-gobject (3.4.9)
      cairo (>= 1.16.2)
      glib2 (= 3.4.9)
    clipboard (1.3.6)
    cyberarm_engine (0.19.1)
      clipboard (~> 1.3.5)
      excon (~> 0.78.0)
      gosu (~> 1.1)
      gosu_more_drawables (~> 0.3)
    excon (0.78.1)
    gdk_pixbuf2 (3.4.9)
      gio2 (= 3.4.9)
    gio2 (3.4.9)
      gobject-introspection (= 3.4.9)
    glib2 (3.4.9)
      native-package-installer (>= 1.0.3)
      pkg-config (>= 1.3.5)
    gobject-introspection (3.4.9)
      glib2 (= 3.4.9)
    gosu (1.2.0)
    gosu_more_drawables (0.3.1)
    matrix (0.4.2)
    native-package-installer (1.1.1)
    pkg-config (1.4.6)
    red-colors (0.3.0)
      matrix
    rsvg2 (3.4.9)
      cairo-gobject (= 3.4.9)
      gdk_pixbuf2 (= 3.4.9)

PLATFORMS
  x86_64-linux

DEPENDENCIES
  cyberarm_engine
  rsvg2

BUNDLED WITH
   2.2.22
